RESTRICTION: || (== net45) (== netcoreapp2.0) (== netstandard2.0)
NUGET
  remote: https://www.nuget.org/api/v2
    FsCheck (2.11)
      FSharp.Core (>= 4.0.0.1) - restriction: || (== net45) (&& (== netcoreapp2.0) (>= net452)) (&& (== netcoreapp2.0) (< netstandard1.6)) (&& (== netcoreapp2.0) (< portable-net45+win8)) (&& (== netcoreapp2.0) (< portable-net45+win8+wp8)) (&& (== netstandard2.0) (>= net452)) (&& (== netstandard2.0) (< netstandard1.6)) (&& (== netstandard2.0) (< portable-net45+win8)) (&& (== netstandard2.0) (< portable-net45+win8+wp8))
      FSharp.Core (>= 4.3.4) - restriction: || (&& (== net45) (< net452) (>= netstandard1.6)) (== netcoreapp2.0) (== netstandard2.0)
      NETStandard.Library (>= 1.6.1) - restriction: || (&& (== net45) (< net452) (>= netstandard1.6)) (== netcoreapp2.0) (== netstandard2.0)
      System.ValueTuple (>= 4.5) - restriction: || (&& (== net45) (< net452) (>= netstandard1.6)) (== netcoreapp2.0) (== netstandard2.0)
    FsCheck.NUnit (2.11)
      FsCheck (>= 2.11) - restriction: || (&& (== net45) (< net452) (>= netstandard1.6)) (== netcoreapp2.0) (== netstandard2.0)
      FsCheck (2.11) - restriction: || (== net45) (&& (== netcoreapp2.0) (>= net452)) (&& (== netstandard2.0) (>= net452))
      FSharp.Core (>= 4.3.4) - restriction: || (&& (== net45) (< net452) (>= netstandard1.6)) (== netcoreapp2.0) (== netstandard2.0)
      NETStandard.Library (>= 1.6.1) - restriction: || (&& (== net45) (< net452) (>= netstandard1.6)) (== netcoreapp2.0) (== netstandard2.0)
      NUnit (>= 3.9) - restriction: || (&& (== net45) (< net452) (>= netstandard1.6)) (== netcoreapp2.0) (== netstandard2.0)
      NUnit (>= 3.8.1 < 4.0) - restriction: || (== net45) (&& (== netcoreapp2.0) (>= net452)) (&& (== netstandard2.0) (>= net452))
      System.ValueTuple (>= 4.5) - restriction: || (&& (== net45) (< net452) (>= netstandard1.6)) (== netcoreapp2.0) (== netstandard2.0)
    FSharp.Charting (2.1)
      FSharp.Core (>= 4.0.0.1)
    FSharp.Compiler.Service (2.0.0.6)
    FSharp.Core (4.3.4)
    FSharp.Data (2.4.6)
      Zlib.Portable (>= 1.11) - restriction: || (&& (== net45) (< net40)) (== netcoreapp2.0) (== netstandard2.0)
    FSharp.Formatting (2.14.4)
      FSharp.Compiler.Service (2.0.0.6)
      FSharpVSPowerTools.Core (>= 2.3 < 2.4)
    FSharp.Quotations.Evaluator (1.1.2)
      FSharp.Core (>= 3.0.2) - restriction: || (== net45) (&& (== netcoreapp2.0) (>= net45)) (&& (== netstandard2.0) (>= net45))
      FSharp.Core (>= 4.3.1) - restriction: || (&& (== net45) (< net45) (>= netstandard2.0)) (== netcoreapp2.0) (== netstandard2.0)
    FSharpVSPowerTools.Core (2.3)
      FSharp.Compiler.Service (>= 2.0.0.3)
    Microsoft.NETCore.Platforms (2.1) - restriction: || (&& (== net45) (< net20) (>= netstandard2.0)) (&& (== net45) (>= netcoreapp2.0)) (&& (== net45) (< netstandard1.0) (>= netstandard2.0) (>= win8)) (&& (== net45) (< netstandard1.3) (>= netstandard2.0) (>= wpa81)) (&& (== net45) (>= netstandard2.0) (>= uap10.0)) (&& (== net45) (>= netstandard2.0) (>= uap10.1)) (&& (== net45) (>= netstandard2.0) (>= wp8)) (== netcoreapp2.0) (== netstandard2.0)
    NETStandard.Library (2.0.3) - restriction: || (&& (== net45) (< net20) (>= netstandard2.0)) (== netcoreapp2.0) (== netstandard2.0)
      Microsoft.NETCore.Platforms (>= 1.1)
    NUnit (3.10.1)
      NETStandard.Library (>= 2.0) - restriction: || (&& (== net45) (< net20) (>= netstandard2.0)) (== netcoreapp2.0) (== netstandard2.0)
    System.ValueTuple (4.5) - restriction: || (&& (== net45) (< net452) (>= netstandard1.6)) (== netcoreapp2.0) (== netstandard2.0)
    Zlib.Portable (1.11) - restriction: || (&& (== net45) (< net40)) (== netcoreapp2.0) (== netstandard2.0)
